GEM
  specs:
    json (1.7.3)
    nokogiri (1.5.4)

PLATFORMS
  ruby

DEPENDENCIES
  json
  nokogiri
